GEM
  remote: https://rubygems.org/
  specs:
    benchmark-ips (2.1.1)
    ffaker (1.32.1)
    oj (2.11.5)
    rake (10.4.2)
    yajl-ruby (1.2.1)

PLATFORMS
  ruby

DEPENDENCIES
  benchmark-ips (~> 2.1.1)
  ffaker (~> 1.32.1)
  oj (~> 2.11.5)
  rake (~> 10.4.2)
  yajl-ruby (~> 1.2.1)
